GEM
  remote: http://rubygems.org/
  specs:
    coderay (1.0.8)
    method_source (0.8.1)
    pry (0.9.11.4)
      coderay (~> 1.0.5)
      method_source (~> 0.8)
      slop (~> 3.4)
    rack (1.5.0)
    rack-protection (1.3.2)
      rack
    sinatra (1.3.3)
      rack (~> 1.3, >= 1.3.6)
      rack-protection (~> 1.2)
      tilt (~> 1.3, >= 1.3.3)
    slop (3.4.3)
    tilt (1.3.3)

PLATFORMS
  ruby

DEPENDENCIES
  pry
  sinatra
